PATH
  remote: .
  specs:
    rack-analytics (0.0.3)
      activesupport
      bson_ext
      mongo
      rack

GEM
  remote: http://rubygems.org/
  specs:
    activesupport (7.0.4.1)
      concurrent-ruby (~> 1.0, >= 1.0.2)
      i18n (>= 1.6, < 2)
      minitest (>= 5.1)
      tzinfo (~> 2.0)
    bson (1.2.4)
    bson_ext (1.2.4)
    concurrent-ruby (1.1.10)
    i18n (1.12.0)
      concurrent-ruby (~> 1.0)
    minitest (5.17.0)
    mongo (1.2.4)
      bson (>= 1.2.4)
    rack (1.2.1)
    rack-test (0.5.7)
      rack (>= 1.0)
    rake (0.8.7)
    riot (0.12.1)
      rr
      term-ansicolor
    rr (1.0.2)
    sinatra (1.1.2)
      rack (~> 1.1)
      tilt (~> 1.2)
    term-ansicolor (1.0.5)
    tilt (1.2.1)
    tzinfo (2.0.5)
      concurrent-ruby (~> 1.0)
    watchr (0.7)

PLATFORMS
  ruby

DEPENDENCIES
  rack-analytics!
  rack-test
  rake
  riot
  sinatra
  watchr
