PATH
  remote: .
  specs:
    rack-analytics (0.0.3)
      activesupport
      bson_ext
      mongo
      rack

GEM
  remote: http://rubygems.org/
  specs:
    activesupport (6.0.3.2)
      concurrent-ruby (~> 1.0, >= 1.0.2)
      i18n (>= 0.7, < 2)
      minitest (~> 5.1)
      tzinfo (~> 1.1)
      zeitwerk (~> 2.2, >= 2.2.2)
    bson (4.9.4)
    bson_ext (1.2.4)
    concurrent-ruby (1.1.6)
    i18n (1.8.3)
      concurrent-ruby (~> 1.0)
    minitest (5.14.1)
    mongo (1.2.4)
      bson (>= 1.2.4)
    rack (1.2.1)
    rack-test (0.5.7)
      rack (>= 1.0)
    rake (0.8.7)
    riot (0.12.1)
      rr
      term-ansicolor
    rr (1.0.2)
    sinatra (1.1.2)
      rack (~> 1.1)
      tilt (~> 1.2)
    term-ansicolor (1.0.5)
    thread_safe (0.3.6)
    tilt (1.2.1)
    tzinfo (1.2.7)
      thread_safe (~> 0.1)
    watchr (0.7)
    zeitwerk (2.3.1)

PLATFORMS
  ruby

DEPENDENCIES
  rack-analytics!
  rack-test
  rake
  riot
  sinatra
  watchr
