PATH
  remote: .
  specs:
    rack-analytics (0.0.1)
      SystemTimer
      msgpack
      rack
      redis

GEM
  remote: http://rubygems.org/
  specs:
    SystemTimer (1.2.1)
    msgpack (0.4.4)
    nokogiri (1.4.4)
    rack (1.2.1)
    rack-test (0.5.7)
      rack (>= 1.0)
    redis (2.1.1)
    riot (0.12.1)
      rr
      term-ansicolor
    rr (1.0.2)
    sinatra (1.1.2)
      rack (~> 1.1)
      tilt (~> 1.2)
    term-ansicolor (1.0.5)
    tilt (1.2.1)
    webrat (0.7.3)
      nokogiri (>= 1.2.0)
      rack (>= 1.0)
      rack-test (>= 0.5.3)

PLATFORMS
  ruby

DEPENDENCIES
  SystemTimer
  msgpack
  rack
  rack-analytics!
  rack-test
  redis
  riot
  sinatra
  webrat
