PATH
  remote: .
  specs:
    rack-analytics (0.0.1)
      bson_ext
      mongo
      rack

GEM
  remote: http://rubygems.org/
  specs:
    bson (1.2.0)
    bson_ext (1.2.0)
    mongo (1.2.0)
      bson (>= 1.2.0)
    nokogiri (1.4.4)
    rack (1.2.1)
    rack-test (0.5.7)
      rack (>= 1.0)
    riot (0.12.1)
      rr
      term-ansicolor
    rr (1.0.2)
    sinatra (1.1.2)
      rack (~> 1.1)
      tilt (~> 1.2)
    term-ansicolor (1.0.5)
    tilt (1.2.1)
    webrat (0.7.3)
      nokogiri (>= 1.2.0)
      rack (>= 1.0)
      rack-test (>= 0.5.3)

PLATFORMS
  ruby

DEPENDENCIES
  bson_ext
  mongo
  rack
  rack-analytics!
  rack-test
  riot
  sinatra
  webrat
