PATH
  remote: .
  specs:
    rack-analytics (0.0.3)
      activesupport
      bson_ext
      mongo
      rack

GEM
  remote: http://rubygems.org/
  specs:
    activesupport (3.0.5)
    bson (1.2.4)
    bson_ext (1.2.4)
    mongo (1.2.4)
      bson (>= 1.2.4)
    rack (1.2.1)
    rack-test (0.5.7)
      rack (>= 1.0)
    rake (0.8.7)
    riot (0.12.1)
      rr
      term-ansicolor
    rr (1.0.2)
    sinatra (1.1.2)
      rack (~> 1.1)
      tilt (~> 1.2)
    term-ansicolor (1.0.5)
    tilt (1.2.1)

PLATFORMS
  ruby

DEPENDENCIES
  rack-analytics!
  rack-test
  rake
  riot
  sinatra
